GEM
  remote: https://rubygems.org/
  specs:
    dbus-systemd (1.1.2)
      ruby-dbus (~> 0.14)
    getoptlong (0.2.1)
    rexml (3.4.1)
    ruby-dbus (0.24.0)
      rexml
    webrick (1.9.1)

PLATFORMS
  ruby
  x86_64-linux

DEPENDENCIES
  dbus-systemd
  getoptlong
  webrick

BUNDLED WITH
   2.6.2
