GEM
  remote: https://rubygems.org/
  specs:
    getoptlong (0.2.1)
    mini_portile2 (2.8.8)
    sqlite3 (2.6.0)
      mini_portile2 (~> 2.8.0)
    sqlite3 (2.6.0-x86_64-linux-gnu)
    webrick (1.9.1)

PLATFORMS
  ruby
  x86_64-linux

DEPENDENCIES
  getoptlong
  sqlite3
  webrick

BUNDLED WITH
   2.6.2
