GEM
  remote: https://rubygems.org/
  specs:
    getoptlong (0.2.1)
    pg (1.5.9)
    webrick (1.9.1)

PLATFORMS
  ruby
  x86_64-linux

DEPENDENCIES
  getoptlong
  pg
  webrick

BUNDLED WITH
   2.6.2
