GEM
  remote: https://rubygems.org/
  specs:
    bigdecimal (3.1.9)
    file-tail (1.3.0)
      tins (~> 1.0)
    getoptlong (0.2.1)
    pg (1.5.9)
    sync (0.5.0)
    tins (1.38.0)
      bigdecimal
      sync
    webrick (1.9.1)

PLATFORMS
  ruby
  x86_64-linux

DEPENDENCIES
  file-tail
  getoptlong
  pg
  webrick

BUNDLED WITH
   2.6.2
